GEM
  remote: https://rubygems.org/
  specs:
    base64 (0.2.0)
    bigdecimal (3.1.7)
    ethon (0.16.0)
      ffi (>= 1.15.0)
    ffi (1.16.3)
    mustermann (3.0.0)
      ruby2_keywords (~> 0.0.1)
    nio4r (2.7.1)
    oj (3.16.3)
      bigdecimal (>= 3.0)
    prometheus-client (4.2.2)
    puma (6.4.2)
      nio4r (~> 2.0)
    rack (3.0.10)
    rack-protection (4.0.0)
      base64 (>= 0.1.0)
      rack (>= 3.0.0, < 4)
    rack-session (2.0.0)
      rack (>= 3.0.0)
    rackup (2.1.0)
      rack (>= 3)
      webrick (~> 1.8)
    ruby2_keywords (0.0.5)
    sinatra (4.0.0)
      mustermann (~> 3.0)
      rack (>= 3.0.0, < 4)
      rack-protection (= 4.0.0)
      rack-session (>= 2.0.0, < 3)
      tilt (~> 2.0)
    tilt (2.3.0)
    typhoeus (1.4.1)
      ethon (>= 0.9.0)
    webrick (1.8.1)

PLATFORMS
  ruby
  x86_64-linux

DEPENDENCIES
  oj
  prometheus-client
  puma
  rack
  rackup
  sinatra
  typhoeus

BUNDLED WITH
   2.5.3
